GEM
  specs:
    colorize (0.8.1)
    mini_portile2 (2.3.0)
    nokogiri (1.8.2-x64-mingw32)
      mini_portile2 (~> 2.3.0)

PLATFORMS
  x64-mingw32

DEPENDENCIES
  colorize (~> 0.8.1)
  nokogiri (~> 1.8)

BUNDLED WITH
   2.0.1
